PATH
  remote: .
  specs:
    napp.rb (0.1.0)
      ciri-crypto (= 0.1.1)
      google-protobuf (~> 3.6)

GEM
  remote: https://rubygems.org/
  specs:
    awesome_print (1.8.0)
    bitcoin-secp256k1 (0.4.0)
      ffi (>= 1.9.10)
    ciri-crypto (0.1.1)
      bitcoin-secp256k1 (~> 0.4.0)
      ciri-utils (~> 0.2.0)
    ciri-utils (0.2.2)
      digest-sha3 (~> 1.1.0)
    coderay (1.1.2)
    diff-lcs (1.3)
    digest-sha3 (1.1.0)
    ffi (1.9.25)
    google-protobuf (3.6.1-universal-darwin)
    method_source (0.9.0)
    pry (0.11.3)
      coderay (~> 1.1.0)
      method_source (~> 0.9.0)
    rake (10.5.0)
    rspec (3.8.0)
      rspec-core (~> 3.8.0)
      rspec-expectations (~> 3.8.0)
      rspec-mocks (~> 3.8.0)
    rspec-core (3.8.0)
      rspec-support (~> 3.8.0)
    rspec-expectations (3.8.1)
      diff-lcs (>= 1.2.0, < 2.0)
      rspec-support (~> 3.8.0)
    rspec-mocks (3.8.0)
      diff-lcs (>= 1.2.0, < 2.0)
      rspec-support (~> 3.8.0)
    rspec-support (3.8.0)

PLATFORMS
  ruby

DEPENDENCIES
  awesome_print (~> 1.8)
  bundler (~> 1.16)
  napp.rb!
  pry (~> 0.11)
  rake (~> 10.0)
  rspec (~> 3.0)

BUNDLED WITH
   1.16.4
